GEM
  remote: http://rubygems.org/
  specs:
    domain_name (0.5.20190701)
      unf (>= 0.0.5, < 1.0.0)
    http-accept (1.7.0)
    http-cookie (1.0.3)
      domain_name (~> 0.5)
    iron_cache (1.0.0)
      iron_core (>= 0.1.4)
    iron_core (0.1.5)
      bundler (> 1.0.0)
      rest
      rest-client
    iron_mq (1.9.1)
      iron_core (>= 0.1.4)
    iron_worker_ng (0.7.4)
      bundler (> 1.0.0)
      iron_core (>= 0.1.4)
      zip
    memcache-client (1.8.5)
    mime-types (3.3)
      mime-types-data (~> 3.2015)
    mime-types-data (3.2019.1009)
    net-http-persistent (2.7)
    netrc (0.11.0)
    quicky (0.0.1)
    redis (3.0.1)
    rest (1.1.0)
      rest-client (>= 0.3.0)
    rest-client (2.1.0)
      http-accept (>= 1.7.0, < 2.0)
      http-cookie (>= 1.0.2, < 2.0)
      mime-types (>= 1.16, < 4.0)
      netrc (~> 0.8)
    unf (0.1.4)
      unf_ext
    unf_ext (0.0.7.6)
    zip (2.0.2)

PLATFORMS
  ruby

DEPENDENCIES
  iron_cache
  iron_mq
  iron_worker_ng
  memcache-client
  net-http-persistent
  quicky
  redis
