GEM
  remote: http://rubygems.org/
  specs:
    iron_cache (1.1.1)
      iron_core (>= 0.2.0)
    iron_core (0.3.1)
      rest (>= 2.0.0)
    iron_mq (2.0.0)
      iron_core (>= 0.2.0)
    iron_worker_ng (0.9.4)
      bundler (> 1.0.0)
      iron_core (>= 0.3.0)
      zip
    memcache-client (1.8.5)
    mime-types (1.19)
    net-http-persistent (2.7)
    quicky (0.0.2)
    redis (3.0.1)
    rest (2.0.2)
      net-http-persistent
      rest-client (>= 0.3.0)
    rest-client (1.6.7)
      mime-types (>= 1.16)
    uber_config (0.0.6)
    zip (2.0.2)

PLATFORMS
  ruby

DEPENDENCIES
  iron_cache
  iron_mq
  iron_worker_ng
  memcache-client
  net-http-persistent
  quicky
  redis
  uber_config
