GEM
  remote: http://rubygems.org/
  specs:
    aws-sdk (1.6.3)
      httparty (~> 0.7)
      json (~> 1.4)
      nokogiri (>= 1.4.4)
      uuidtools (~> 2.1)
    httparty (0.8.3)
      multi_json (~> 1.0)
      multi_xml
    iron_cache (1.1.1)
      iron_core (>= 0.2.0)
    iron_core (0.3.3)
      rest (>= 2.0.0)
    iron_mq (2.1.0)
      iron_core (>= 0.2.0)
    iron_worker_ng (0.9.6)
      bundler (> 1.0.0)
      iron_core (>= 0.3.0)
      zip
    json (1.7.4)
    memcache-client (1.8.5)
    mime-types (1.19)
    multi_json (1.3.6)
    multi_xml (0.5.1)
    net-http-persistent (2.7)
    nokogiri (1.5.5)
    quicky (0.0.3)
    redis (3.0.1)
    rest (2.0.2)
      net-http-persistent
      rest-client (>= 0.3.0)
    rest-client (1.6.7)
      mime-types (>= 1.16)
    uber_config (0.0.6)
    uuidtools (2.1.3)
    zip (2.0.2)

PLATFORMS
  ruby

DEPENDENCIES
  aws-sdk
  iron_cache
  iron_mq
  iron_worker_ng
  memcache-client
  net-http-persistent
  quicky
  redis
  uber_config
